GEM
  remote: https://rubygems.org/
  specs:
    coderay (1.1.1)
    faraday (0.9.2)
      multipart-post (>= 1.2, < 3)
    hashie (3.4.6)
    method_source (0.8.2)
    multi_json (1.10.1)
    multipart-post (2.0.0)
    pry (0.10.3)
      coderay (~> 1.1.0)
      method_source (~> 0.8.1)
      slop (~> 3.4)
    redd (0.7.0)
      faraday (~> 0.9.1)
      hashie (~> 3.4.0)
      multi_json (~> 1.10.1)
    slop (3.6.0)

PLATFORMS
  ruby

DEPENDENCIES
  pry
  redd (= 0.7.0)

BUNDLED WITH
   1.16.3
